PATH
  remote: .
  specs:
    citysdkserverdbutils (0.0.1)
      rgeo-geojson
      sequel

GEM
  remote: https://rubygems.org/
  specs:
    rake (10.1.1)
    rgeo (0.3.20)
    rgeo-geojson (0.2.3)
      rgeo (>= 0.3.7)
    sequel (4.7.0)

PLATFORMS
  ruby

DEPENDENCIES
  bundler (~> 1.3)
  citysdkserverdbutils!
  rake
